GEM
  remote: https://rubygems.org/
  specs:
    curses (1.5.3)
    language_server-protocol (3.17.0.5)
    logger (1.7.0)
    prism (1.4.0)
    rainbow (3.1.1)
    rbs (3.9.4)
      logger
    ruby-lsp (0.26.1)
      language_server-protocol (~> 3.17.0)
      prism (>= 1.2, < 2.0)
      rbs (>= 3, < 5)
    tty-cursor (0.7.1)
    tty-reader (0.9.0)
      tty-cursor (~> 0.7)
      tty-screen (~> 0.8)
      wisper (~> 2.0)
    tty-screen (0.8.2)
    wisper (2.0.1)

PLATFORMS
  aarch64-linux
  ruby

DEPENDENCIES
  curses
  rainbow
  ruby-lsp
  tty-cursor
  tty-reader

RUBY VERSION
   ruby 3.4.5p51

BUNDLED WITH
   2.6.9
